GEM
  remote: https://rubygems.org/
  specs:
    ast (2.4.2)
    console (1.16.2)
      fiber-local
    dbus-systemd (1.1.2)
      ruby-dbus (~> 0.14)
    fiber-local (1.0.0)
    json (2.6.3)
    parallel (1.22.1)
    parser (3.1.3.0)
      ast (~> 2.4.1)
    rainbow (3.1.1)
    regexp_parser (2.6.1)
    rexml (3.2.5)
    rubocop (1.41.1)
      json (~> 2.3)
      parallel (~> 1.10)
      parser (>= 3.1.2.1)
      rainbow (>= 2.2.2, < 4.0)
      regexp_parser (>= 1.8, < 3.0)
      rexml (>= 3.2.5, < 4.0)
      rubocop-ast (>= 1.23.0, < 2.0)
      ruby-progressbar (~> 1.7)
      unicode-display_width (>= 1.4.0, < 3.0)
    rubocop-ast (1.24.1)
      parser (>= 3.1.1.0)
    ruby-dbus (0.18.1)
      rexml
    ruby-progressbar (1.11.0)
    ruby_figlet (0.6.1)
    unicode-display_width (2.3.0)

PLATFORMS
  x86_64-linux

DEPENDENCIES
  console
  dbus-systemd
  rubocop (~> 1.41)
  ruby_figlet

BUNDLED WITH
   2.4.1
